PATH
  remote: .
  specs:
    jimson (0.13.0)
      blankslate (>= 3.1.3)
      multi_json (>= 1.15.0)
      rack (>= 2.2.0)
      rest-client (>= 2.1.0)

GEM
  remote: https://rubygems.org/
  specs:
    blankslate (3.1.3)
    coderay (1.1.3)
    diff-lcs (1.5.0)
    domain_name (0.5.20190701)
      unf (>= 0.0.5, < 1.0.0)
    http-accept (1.7.0)
    http-cookie (1.0.5)
      domain_name (~> 0.5)
    jar-dependencies (0.4.1)
    method_source (1.0.0)
    mime-types (3.4.1)
      mime-types-data (~> 3.2015)
    mime-types-data (3.2023.0218.1)
    multi_json (1.15.0)
    netrc (0.11.0)
    pry (0.14.2)
      coderay (~> 1.1)
      method_source (~> 1.0)
    psych (5.1.0)
      stringio
    psych (5.1.0-java)
      jar-dependencies (>= 0.1.7)
    rack (3.0.7)
    rack-test (2.1.0)
      rack (>= 1.3)
    rake (13.0.6)
    rdoc (6.5.0)
      psych (>= 4.0.0)
    rest-client (2.1.0)
      http-accept (>= 1.7.0, < 2.0)
      http-cookie (>= 1.0.2, < 2.0)
      mime-types (>= 1.16, < 4.0)
      netrc (~> 0.8)
    rspec (3.12.0)
      rspec-core (~> 3.12.0)
      rspec-expectations (~> 3.12.0)
      rspec-mocks (~> 3.12.0)
    rspec-core (3.12.2)
      rspec-support (~> 3.12.0)
    rspec-expectations (3.12.3)
      diff-lcs (>= 1.2.0, < 2.0)
      rspec-support (~> 3.12.0)
    rspec-mocks (3.12.5)
      diff-lcs (>= 1.2.0, < 2.0)
      rspec-support (~> 3.12.0)
    rspec-support (3.12.0)
    stringio (3.0.6)
    unf (0.1.4)
      unf_ext
    unf (0.1.4-java)
    unf_ext (0.0.8.2)

PLATFORMS
  java
  ruby

DEPENDENCIES
  jimson!
  pry
  rack-test
  rake
  rdoc (~> 6.3, >= 4.2.2)
  rspec (~> 3.12, >= 3.12.0)

BUNDLED WITH
   2.3.17
